GEM
  remote: https://rubygems.org/
  specs:
    colorize (0.8.1)
    linguistics (2.1.0)
      loggability (~> 0.11)
    loggability (0.18.2)

PLATFORMS
  ruby

DEPENDENCIES
  colorize
  linguistics

RUBY VERSION
   ruby 2.7.1p83

BUNDLED WITH
   2.1.4
